GEM
  remote: https://rubygems.org/
  specs:
    diff-lcs (1.2.5)
    minitest (5.6.1)
    minitest-rspec_mocks (0.3.0)
      minitest (>= 4.0, < 5.99)
      rspec-mocks (>= 2.14, < 3.99)
    minitest-spec (0.0.2.1)
      minitest (>= 3.0)
    rspec-mocks (3.2.1)
      diff-lcs (>= 1.2.0, < 2.0)
      rspec-support (~> 3.2.0)
    rspec-support (3.2.2)

PLATFORMS
  ruby

DEPENDENCIES
  minitest-rspec_mocks
  minitest-spec
